RESTRICTION: || (== net461) (== netcoreapp2.1)
NUGET
  remote: https://api.nuget.org/v3/index.json
    FParsec (1.0.3)
      FSharp.Core (>= 4.0.0.1) - restriction: || (== net461) (&& (== netcoreapp2.1) (>= net40))
      FSharp.Core (>= 4.2.3) - restriction: || (&& (== net461) (< net40) (>= netstandard1.6)) (== netcoreapp2.1)
      NETStandard.Library (>= 1.6.1) - restriction: || (&& (== net461) (< net40) (>= netstandard1.6)) (== netcoreapp2.1)
    FSharp.Core (4.6.2)
    Microsoft.NETCore.Platforms (2.2) - restriction: || (&& (== net461) (< net40) (>= netstandard1.6)) (&& (== net461) (< net40) (>= netstandard2.0)) (&& (== net461) (>= netcoreapp2.0)) (&& (== net461) (< netstandard1.0) (>= netstandard1.6) (>= win8)) (&& (== net461) (< netstandard1.3) (>= netstandard1.6) (>= wpa81)) (&& (== net461) (>= netstandard1.6) (>= uap10.0)) (&& (== net461) (>= netstandard1.6) (>= wp8)) (== netcoreapp2.1)
    NETStandard.Library (2.0.3) - restriction: || (&& (== net461) (< net40) (>= netstandard1.6)) (== netcoreapp2.1)
      Microsoft.NETCore.Platforms (>= 1.1)
  remote: http://192.168.56.1/NuGet/nuget
    FSharp.Data.GraphQL.Client (0.0.19-beta)
      FParsec (1.0.3)
      FSharp.Core (>= 4.3.4)
